PATH
  remote: .
  specs:
    living_docs (0.0.0)
      erubis
      ffi-clang
      haml
      pygments.rb
      redcarpet

GEM
  remote: https://rubygems.org/
  specs:
    erubis (2.7.0)
    ffi (1.9.6)
    ffi-clang (0.2.1)
      ffi
    haml (4.0.4)
      tilt
    posix-spawn (0.3.9)
    pygments.rb (0.6.0)
      posix-spawn (~> 0.3.6)
      yajl-ruby (~> 1.1.0)
    rake (10.3.2)
    redcarpet (3.2.0)
    tilt (1.4.1)
    yajl-ruby (1.1.0)

PLATFORMS
  ruby

DEPENDENCIES
  living_docs!
  rake
